GEM
  remote: http://rubygems.org/
  specs:
<<<<<<< HEAD
    chunky_png (1.2.5)
    compass (0.11.5)
      chunky_png (~> 1.2)
      fssm (>= 0.2.7)
      sass (~> 3.1)
    fssm (0.2.7)
    haml (3.1.3)
    highline (1.6.2)
    json_pure (1.6.1)
    mime-types (1.16)
    net-ssh (2.2.1)
    powder (0.1.6)
      thor (>= 0.11.5)
    rack (1.3.3)
    rdiscount (1.6.8)
    rest-client (1.6.1)
      mime-types (>= 1.16)
    sass (3.1.7)
    shotgun (0.9)
      rack (>= 1.0)
    showoff-io (0.3.1)
      highline (>= 1.6.1)
      json_pure
      net-ssh (>= 2.1.0)
      rest-client (= 1.6.1)
    sinatra (1.2.6)
      rack (~> 1.1)
      tilt (< 2.0, >= 1.2.2)
    thor (0.14.6)
    tilt (1.3.3)
=======
    chunky_png (1.2.0)
    compass (0.11.1)
      chunky_png (~> 1.1)
      fssm (>= 0.2.7)
      sass (~> 3.1)
    fssm (0.2.7)
    grid-coordinates (1.1.4)
      compass (>= 0.10.5)
    haml (3.1.1)
    rack (1.3.0)
    sass (3.1.2)
    shotgun (0.9)
      rack (>= 1.0)
    sinatra (1.2.6)
      rack (~> 1.1)
      tilt (< 2.0, >= 1.2.2)
    tilt (1.3.2)
>>>>>>> upstream/master

PLATFORMS
  ruby

DEPENDENCIES
<<<<<<< HEAD
  compass
  haml
  powder
  rdiscount
=======
  compass (~> 0.11.1)
  grid-coordinates (~> 1.1.4)
  haml (~> 3.1.1)
  sass (~> 3.1.1)
>>>>>>> upstream/master
  shotgun (~> 0.9)
  showoff-io
  sinatra
