GEM
  remote: http://rubygems.org/
  specs:
    addressable (2.3.2)
    chunky_png (1.2.6)
    compass (0.12.2)
      chunky_png (~> 1.2)
      fssm (>= 0.2.7)
      sass (~> 3.1)
    em-websocket (0.3.8)
      addressable (>= 2.1.1)
      eventmachine (>= 0.12.9)
    eventmachine (1.0.0)
    fssm (0.2.9)
    grid-coordinates (1.2.0)
      compass (>= 0.11.5)
    guard (1.4.0)
      listen (>= 0.4.2)
      thor (>= 0.14.6)
    guard-compass (0.0.6)
      compass (>= 0.10.5)
      guard (>= 0.2.1)
    guard-livereload (1.0.1)
      em-websocket (>= 0.2.0)
      guard (>= 1.1.0)
      multi_json (~> 1.0)
    haml (3.1.7)
    highline (1.6.15)
    jruby-pageant (1.1.1)
    json_pure (1.7.5)
    listen (0.5.3)
    mime-types (1.19)
    multi_json (1.3.6)
    net-ssh (2.6.0)
      jruby-pageant (>= 1.1.1)
    powder (0.1.8)
      thor (>= 0.11.5)
    rack (1.4.1)
    rack-livereload (0.3.8)
      rack
    rack-protection (1.2.0)
      rack
    rb-fsevent (0.9.2)
    rdiscount (1.6.8)
    rest-client (1.6.1)
      mime-types (>= 1.16)
    sass (3.2.1)
    sassy-buttons (0.1.4)
      compass (>= 0.12.2)
      sass (>= 3.2.0)
    shotgun (0.9)
      rack (>= 1.0)
    showoff-io (0.3.1)
      highline (>= 1.6.1)
      json_pure
      net-ssh (>= 2.1.0)
      rest-client (= 1.6.1)
    sinatra (1.3.3)
      rack (~> 1.3, >= 1.3.6)
      rack-protection (~> 1.2)
      tilt (~> 1.3, >= 1.3.3)
    terminal-notifier-guard (1.5.3)
    thor (0.16.0)
    tilt (1.3.3)
    vendorer (0.1.12)

PLATFORMS
  ruby

DEPENDENCIES
  compass
  grid-coordinates
  guard-compass
  guard-livereload
  haml
  powder
  rack-livereload
  rb-fsevent
  rdiscount
  sassy-buttons
  shotgun
  showoff-io
  sinatra
  terminal-notifier-guard
  vendorer
