GEM
  remote: http://rubygems.org/
  specs:
    chunky_png (1.2.5)
    compass (0.11.5)
      chunky_png (~> 1.2)
      fssm (>= 0.2.7)
      sass (~> 3.1)
    compass-colors (0.9.0)
      compass (>= 0.8.7)
    fssm (0.2.7)
    grid-coordinates (1.1.5)
      compass (>= 0.11.5)
    haml (3.1.3)
    highline (1.6.2)
    json_pure (1.6.1)
    mime-types (1.16)
    net-ssh (2.2.1)
    powder (0.1.6)
      thor (>= 0.11.5)
    rack (1.3.4)
    rack-protection (1.1.4)
      rack
    rb-fsevent (0.4.3.1)
    rdiscount (1.6.8)
    rest-client (1.6.1)
      mime-types (>= 1.16)
    sass (3.1.8)
    sassy-buttons (0.0.5)
      compass (>= 0.11)
    shotgun (0.9)
      rack (>= 1.0)
    showoff-io (0.3.1)
      highline (>= 1.6.1)
      json_pure
      net-ssh (>= 2.1.0)
      rest-client (= 1.6.1)
    sinatra (1.3.1)
      rack (~> 1.3, >= 1.3.4)
      rack-protection (~> 1.1, >= 1.1.2)
      tilt (~> 1.3, >= 1.3.3)
    thor (0.14.6)
    tilt (1.3.3)

PLATFORMS
  ruby

DEPENDENCIES
  compass (~> 0.11.1)
  compass-colors
  grid-coordinates (~> 1.1.4)
  haml (~> 3.1.1)
  powder
  rb-fsevent
  rdiscount
  sass (~> 3.1.1)
  sassy-buttons
  shotgun (~> 0.9)
  showoff-io
  sinatra
